PATH
  remote: .
  specs:
    danger-prose (2.0.2)
      danger

GEM
  remote: https://rubygems.org/
  specs:
    addressable (2.4.0)
    bacon (1.2.0)
    claide (1.0.0)
    claide-plugins (0.9.1)
      cork
      nap
      open4 (~> 1.3)
    coderay (1.1.1)
    colored (1.2)
    cork (0.2.0)
      colored (~> 1.2)
    danger (3.0.3)
      claide (~> 1.0)
      claide-plugins (> 0.9.0)
      colored (~> 1.2)
      cork (~> 0.1)
      faraday (~> 0.9)
      faraday-http-cache (~> 1.0)
      git (~> 1)
      gitlab (~> 3.7.0)
      kramdown (~> 1.5)
      octokit (~> 4.2)
      terminal-table (~> 1)
    diff-lcs (1.2.5)
    faraday (0.9.2)
      multipart-post (>= 1.2, < 3)
    faraday-http-cache (1.3.1)
      faraday (~> 0.8)
    ffi (1.9.10)
    formatador (0.2.5)
    git (1.3.0)
    gitlab (3.7.0)
      httparty (~> 0.13.0)
      terminal-table
    guard (2.14.0)
      formatador (>= 0.2.4)
      listen (>= 2.7, < 4.0)
      lumberjack (~> 1.0)
      nenv (~> 0.1)
      notiffany (~> 0.0)
      pry (>= 0.9.12)
      shellany (~> 0.0)
      thor (>= 0.18.1)
    guard-compat (1.2.1)
    guard-rspec (4.7.2)
      guard (~> 2.1)
      guard-compat (~> 1.1)
      rspec (>= 2.99.0, < 4.0)
    httparty (0.13.7)
      json (~> 1.8)
      multi_xml (>= 0.5.2)
    json (1.8.3)
    kramdown (1.12.0)
    listen (3.0.7)
      rb-fsevent (>= 0.9.3)
      rb-inotify (>= 0.9.7)
    lumberjack (1.0.10)
    metaclass (0.0.4)
    method_source (0.8.2)
    mocha (1.1.0)
      metaclass (~> 0.0.1)
    mocha-on-bacon (0.2.2)
      mocha (>= 0.13.0)
    multi_xml (0.5.5)
    multipart-post (2.0.0)
    nap (1.1.0)
    nenv (0.3.0)
    notiffany (0.1.0)
      nenv (~> 0.1)
      shellany (~> 0.0)
    octokit (4.3.0)
      sawyer (~> 0.7.0, >= 0.5.3)
    open4 (1.3.4)
    prettybacon (0.0.2)
      bacon (~> 1.2)
    pry (0.10.3)
      coderay (~> 1.1.0)
      method_source (~> 0.8.1)
      slop (~> 3.4)
    rake (10.5.0)
    rb-fsevent (0.9.7)
    rb-inotify (0.9.7)
      ffi (>= 0.5.0)
    rspec (3.4.0)
      rspec-core (~> 3.4.0)
      rspec-expectations (~> 3.4.0)
      rspec-mocks (~> 3.4.0)
    rspec-core (3.4.4)
      rspec-support (~> 3.4.0)
    rspec-expectations (3.4.0)
      diff-lcs (>= 1.2.0, < 2.0)
      rspec-support (~> 3.4.0)
    rspec-mocks (3.4.1)
      diff-lcs (>= 1.2.0, < 2.0)
      rspec-support (~> 3.4.0)
    rspec-support (3.4.1)
    sawyer (0.7.0)
      addressable (>= 2.3.5, < 2.5)
      faraday (~> 0.8, < 0.10)
    shellany (0.0.1)
    slop (3.6.0)
    terminal-table (1.6.0)
    thor (0.19.1)
    yard (0.8.7.6)

PLATFORMS
  ruby

DEPENDENCIES
  bacon
  bundler (~> 1.3)
  danger-prose!
  guard (~> 2.14)
  guard-rspec (~> 4.7)
  listen (= 3.0.7)
  mocha
  mocha-on-bacon
  prettybacon
  pry
  rake (~> 10.0)
  rspec (~> 3.4)
  yard (~> 0.8)

BUNDLED WITH
   1.12.5
