PATH
  remote: .
  specs:
    danger-prose (2.0.7)
      danger

GEM
  remote: https://rubygems.org/
  specs:
    addressable (2.5.2)
      public_suffix (>= 2.0.2, < 4.0)
    bacon (1.2.0)
    claide (1.0.2)
    claide-plugins (0.9.2)
      cork
      nap
      open4 (~> 1.3)
    coderay (1.1.2)
    colored2 (3.1.2)
    cork (0.3.0)
      colored2 (~> 3.1)
    danger (5.3.3)
      claide (~> 1.0)
      claide-plugins (>= 0.9.2)
      colored2 (~> 3.1)
      cork (~> 0.1)
      faraday (~> 0.9)
      faraday-http-cache (~> 1.0)
      git (~> 1)
      kramdown (~> 1.5)
      octokit (~> 4.7)
      terminal-table (~> 1)
    diff-lcs (1.3)
    faraday (0.14.0)
      multipart-post (>= 1.2, < 3)
    faraday-http-cache (1.3.1)
      faraday (~> 0.8)
    ffi (1.9.23)
    formatador (0.2.5)
    git (1.3.0)
    guard (2.14.2)
      formatador (>= 0.2.4)
      listen (>= 2.7, < 4.0)
      lumberjack (>= 1.0.12, < 2.0)
      nenv (~> 0.1)
      notiffany (~> 0.0)
      pry (>= 0.9.12)
      shellany (~> 0.0)
      thor (>= 0.18.1)
    guard-compat (1.2.1)
    guard-rspec (4.7.3)
      guard (~> 2.1)
      guard-compat (~> 1.1)
      rspec (>= 2.99.0, < 4.0)
    kramdown (1.16.2)
    listen (3.0.7)
      rb-fsevent (>= 0.9.3)
      rb-inotify (>= 0.9.7)
    lumberjack (1.0.12)
    metaclass (0.0.4)
    method_source (0.9.0)
    mocha (1.3.0)
      metaclass (~> 0.0.1)
    mocha-on-bacon (0.2.3)
      mocha (>= 0.13.0)
    multipart-post (2.0.0)
    nap (1.1.0)
    nenv (0.3.0)
    notiffany (0.1.1)
      nenv (~> 0.1)
      shellany (~> 0.0)
    octokit (4.8.0)
      sawyer (~> 0.8.0, >= 0.5.3)
    open4 (1.3.4)
    prettybacon (0.0.2)
      bacon (~> 1.2)
    pry (0.11.3)
      coderay (~> 1.1.0)
      method_source (~> 0.9.0)
    public_suffix (3.0.1)
    rake (10.5.0)
    rb-fsevent (0.10.2)
    rb-inotify (0.9.10)
      ffi (>= 0.5.0, < 2)
    rspec (3.7.0)
      rspec-core (~> 3.7.0)
      rspec-expectations (~> 3.7.0)
      rspec-mocks (~> 3.7.0)
    rspec-core (3.7.1)
      rspec-support (~> 3.7.0)
    rspec-expectations (3.7.0)
      diff-lcs (>= 1.2.0, < 2.0)
      rspec-support (~> 3.7.0)
    rspec-mocks (3.7.0)
      diff-lcs (>= 1.2.0, < 2.0)
      rspec-support (~> 3.7.0)
    rspec-support (3.7.1)
    sawyer (0.8.1)
      addressable (>= 2.3.5, < 2.6)
      faraday (~> 0.8, < 1.0)
    shellany (0.0.1)
    terminal-table (1.8.0)
      unicode-display_width (~> 1.1, >= 1.1.1)
    thor (0.20.0)
    unicode-display_width (1.3.0)
    yard (0.9.20)

PLATFORMS
  ruby

DEPENDENCIES
  bacon
  bundler (~> 1.3)
  danger-prose!
  guard (~> 2.14)
  guard-rspec (~> 4.7)
  listen (= 3.0.7)
  mocha
  mocha-on-bacon
  prettybacon
  pry
  rake (~> 10.0)
  rspec (~> 3.4)
  yard (~> 0.8)

BUNDLED WITH
   1.16.1
